GEM
  remote: https://rubygems.org/
  specs:
    awestruct (0.5.2)
      bootstrap-sass (>= 2.3.1.0)
      compass (>= 0.12.1)
      compass-960-plugin (~> 0.10.4)
      git (~> 1.2.5)
      haml (~> 4.0.1)
      json (>= 1.7.7)
      listen (>= 0.7.3)
      nokogiri (>= 1.5.6)
      rack (~> 1.5.2)
      rest-client (>= 1.6.7)
      ruby-s3cmd (~> 0.1.5)
      tilt (>= 1.3.6)
      zurb-foundation (>= 4.0.9)
    bootstrap-sass (2.3.1.0)
      sass (~> 3.2)
    chunky_png (1.2.7)
    compass (0.12.2)
      chunky_png (~> 1.2)
      fssm (>= 0.2.7)
      sass (~> 3.1)
    compass-960-plugin (0.10.4)
      compass (>= 0.10.0)
    fssm (0.2.10)
    git (1.2.5)
    haml (4.0.1)
      tilt
    json (1.8.0)
    listen (0.7.3)
    mime-types (1.23)
    nokogiri (1.5.10)
    rack (1.5.2)
    rake (10.1.0)
    rest-client (1.6.7)
      mime-types (>= 1.16)
    ruby-s3cmd (0.1.5)
    sass (3.2.7)
    tilt (1.3.6)
    zurb-foundation (4.2.3)
      sass (>= 3.2.0)

PLATFORMS
  ruby

DEPENDENCIES
  awestruct (>= 0.5.1)
  rake (>= 0.9.2)
